PATH
  remote: .
  specs:
    andrew_says (0.1.0)

GEM
  remote: https://rubygems.org/
  specs:
    minitest (5.14.0)
    rake (13.0.1)

PLATFORMS
  ruby

DEPENDENCIES
  andrew_says!
  bundler (~> 2.0)
  minitest (~> 5.0)
  rake (~> 13.0)

BUNDLED WITH
   2.0.2
